GIT
  remote: git://github.com/dcu/mongoid_ext.git
  revision: 316ebbbed9cf2c543cf3ab4cadc8d331210e082e
  specs:
    mongoid_ext (0.6.1)
      differ (>= 0.1.2)
      i18n
      mongoid (~> 2.0.0)
      tzinfo
      uuidtools (>= 2.1.1)

GIT
  remote: git://github.com/mongoid/mongoid.git
  revision: 922662b4a0db897be0fc04c994c66bf52d702b25
  specs:
    mongoid (2.0.2)
      activemodel (~> 3.0)
      mongo (~> 1.3)
      tzinfo (~> 0.3.22)

GIT
  remote: http://github.com/phaza/loofah.git
  revision: b5952a1bb97340d1f9c1288fc7b8993f5c5ef813
  branch: rails3
  specs:
    loofah (0.4.8)
      nokogiri (>= 1.3.3)

GIT
  remote: https://github.com/cinchrb/cinch-identify.git
  revision: 19f9dc8ffb77b0123acb1e358a7f896e3a71eb74
  branch: master
  specs:
    cinch-identify (0.0.1)
      cinch (~> 1.0)

GIT
  remote: https://github.com/cinchrb/cinch.git
  revision: 397d468fb7574a07f9008bfae1e12f736eeb9927
  branch: master
  specs:
    cinch (1.1.3)

GEM
  remote: http://rubygems.org/
  specs:
    activemodel (3.0.8)
      activesupport (= 3.0.8)
      builder (~> 2.1.2)
      i18n (~> 0.5.0)
    activesupport (3.0.8)
    ago (0.1.5)
    bson (1.3.1)
    builder (2.1.2)
    chronic (0.4.3)
    crack (0.1.8)
    curb (0.7.15)
    differ (0.1.2)
    feedzirra (0.0.24)
      activesupport (>= 2.3.8)
      builder (>= 2.1.2)
      curb (>= 0.2.3)
      loofah (>= 0.3.1)
      nokogiri (> 0.0.0)
      sax-machine (>= 0.0.12)
    git (1.2.5)
    googl (0.5.0)
      httparty (>= 0.6.1)
      json (>= 1.4.6)
    hpricot (0.8.4)
    httparty (0.7.8)
      crack (= 0.1.8)
    i18n (0.5.0)
    ideone (0.8.4)
    imdb (0.6.5)
      hpricot (>= 0.8.1)
    jeweler (1.6.2)
      bundler (~> 1.0)
      git (>= 1.2.5)
      rake
    json (1.5.1)
    mechanize (1.0.0)
      nokogiri (>= 1.2.1)
    mongo (1.3.1)
      bson (>= 1.3.1)
    nokogiri (1.4.4)
    rack (1.3.0)
    rae (1.5.0)
      mechanize (>= 1.0.0)
    rake (0.9.2)
    sax-machine (0.0.16)
      nokogiri (> 0.0.0)
    shoulda (2.11.3)
    tzinfo (0.3.27)
    uuidtools (2.1.2)

PLATFORMS
  ruby

DEPENDENCIES
  ago
  chronic
  cinch!
  cinch-identify!
  feedzirra (= 0.0.24)
  googl
  httparty
  i18n
  ideone
  imdb
  jeweler
  loofah!
  mechanize
  mongoid!
  mongoid_ext!
  nokogiri
  rack
  rae
  shoulda
  tzinfo
