GIT
  remote: http://github.com/phaza/loofah.git
  revision: b5952a1bb97340d1f9c1288fc7b8993f5c5ef813
  branch: rails3
  specs:
    loofah (0.4.8)
      nokogiri (>= 1.3.3)

GIT
  remote: https://github.com/cinchrb/cinch.git
  revision: 09a94a81e3349b5f118734139b34527f66b2ba6e
  branch: master
  specs:
    cinch (1.1.1)

GEM
  remote: http://rubygems.org/
  specs:
    activesupport (3.0.3)
    ago (0.1.5)
    bson (1.2.0)
    builder (3.0.0)
    chronic (0.3.0)
    crack (0.1.8)
    curb (0.7.10)
    feedzirra (0.0.24)
      activesupport (>= 2.3.8)
      builder (>= 2.1.2)
      curb (>= 0.2.3)
      loofah (>= 0.3.1)
      nokogiri (> 0.0.0)
      sax-machine (>= 0.0.12)
    git (1.2.5)
    hpricot (0.8.3)
    httparty (0.7.3)
      crack (= 0.1.8)
    i18n (0.5.0)
    ideone (0.8.4)
    imdb (0.6.5)
      hpricot (>= 0.8.1)
    jeweler (1.5.2)
      bundler (~> 1.0.0)
      git (>= 1.2.5)
      rake
    jnunemaker-validatable (1.8.4)
      activesupport (>= 2.3.4)
    mechanize (1.0.0)
      nokogiri (>= 1.2.1)
    mongo (1.2.0)
      bson (>= 1.2.0)
    mongo_mapper (0.8.6)
      activesupport (>= 2.3.4)
      jnunemaker-validatable (~> 1.8.4)
      plucky (~> 0.3.6)
    nokogiri (1.4.4)
    plucky (0.3.6)
      mongo (~> 1.1)
    rae (1.5.0)
      mechanize (>= 1.0.0)
    rake (0.8.7)
    sax-machine (0.0.15)
      nokogiri (> 0.0.0)
    shoulda (2.11.3)
    tzinfo (0.3.24)

PLATFORMS
  ruby

DEPENDENCIES
  ago
  chronic
  cinch!
  feedzirra (= 0.0.24)
  httparty
  i18n
  ideone
  imdb
  jeweler
  loofah!
  mechanize
  mongo_mapper (~> 0.8)
  nokogiri
  rae
  shoulda
  tzinfo
